GIT
  remote: git://github.com/nex3/haml.git
  revision: 8e77ab6ff6c14b793b2fd348c8a3211927428b14
  specs:
    haml (3.2.0.alpha.0)

GIT
  remote: https://github.com/chriseppstein/compass.git
  revision: 91a748a916360057b5caf6ea85cd38441d3b257a
  branch: rails31
  specs:
    compass (0.12.0.alpha.0.91a748a)
      chunky_png (~> 1.2)
      fssm (>= 0.2.7)
      sass (~> 3.1)

GEM
  remote: http://rubygems.org/
  specs:
    actionmailer (3.1.0.rc5)
      actionpack (= 3.1.0.rc5)
      mail (~> 2.3.0)
    actionpack (3.1.0.rc5)
      activemodel (= 3.1.0.rc5)
      activesupport (= 3.1.0.rc5)
      builder (~> 3.0.0)
      erubis (~> 2.7.0)
      i18n (~> 0.6)
      rack (~> 1.3.1)
      rack-cache (~> 1.0.2)
      rack-mount (~> 0.8.1)
      rack-test (~> 0.6.0)
      sprockets (~> 2.0.0.beta.12)
    activemodel (3.1.0.rc5)
      activesupport (= 3.1.0.rc5)
      bcrypt-ruby (~> 2.1.4)
      builder (~> 3.0.0)
      i18n (~> 0.6)
    activerecord (3.1.0.rc5)
      activemodel (= 3.1.0.rc5)
      activesupport (= 3.1.0.rc5)
      arel (~> 2.1.4)
      tzinfo (~> 0.3.29)
    activeresource (3.1.0.rc5)
      activemodel (= 3.1.0.rc5)
      activesupport (= 3.1.0.rc5)
    activesupport (3.1.0.rc5)
      multi_json (~> 1.0)
    ansi (1.3.0)
    archive-tar-minitar (0.5.2)
    arel (2.1.4)
    awesome_nested_set (2.0.1)
      activerecord (>= 3.0.0)
    bcrypt-ruby (2.1.4)
    builder (3.0.0)
    chunky_png (1.2.0)
    coffee-script (2.2.0)
      coffee-script-source
      execjs
    coffee-script-source (1.1.2)
    columnize (0.3.4)
    erubis (2.7.0)
    execjs (1.2.4)
      multi_json (~> 1.0)
    fssm (0.2.7)
    haml-rails (0.3.4)
      actionpack (~> 3.0)
      activesupport (~> 3.0)
      haml (~> 3.0)
      railties (~> 3.0)
    hike (1.2.0)
    i18n (0.6.0)
    jquery-rails (1.0.12)
      railties (~> 3.0)
      thor (~> 0.14)
    linecache19 (0.5.12)
      ruby_core_source (>= 0.1.4)
    mail (2.3.0)
      i18n (>= 0.4.0)
      mime-types (~> 1.16)
      treetop (~> 1.4.8)
    mime-types (1.16)
    multi_json (1.0.3)
    polyglot (0.3.2)
    rack (1.3.2)
    rack-cache (1.0.2)
      rack (>= 0.4)
    rack-mount (0.8.1)
      rack (>= 1.0.0)
    rack-ssl (1.3.2)
      rack
    rack-test (0.6.1)
      rack (>= 1.0)
    rails (3.1.0.rc5)
      actionmailer (= 3.1.0.rc5)
      actionpack (= 3.1.0.rc5)
      activerecord (= 3.1.0.rc5)
      activeresource (= 3.1.0.rc5)
      activesupport (= 3.1.0.rc5)
      bundler (~> 1.0)
      railties (= 3.1.0.rc5)
    railties (3.1.0.rc5)
      actionpack (= 3.1.0.rc5)
      activesupport (= 3.1.0.rc5)
      rack-ssl (~> 1.3.2)
      rake (>= 0.8.7)
      rdoc (~> 3.4)
      thor (~> 0.14.6)
    rake (0.8.7)
    rdoc (3.9.1)
    ruby-debug-base19 (0.11.25)
      columnize (>= 0.3.1)
      linecache19 (>= 0.5.11)
      ruby_core_source (>= 0.1.4)
    ruby-debug19 (0.11.6)
      columnize (>= 0.3.1)
      linecache19 (>= 0.5.11)
      ruby-debug-base19 (>= 0.11.19)
    ruby_core_source (0.1.5)
      archive-tar-minitar (>= 0.5.2)
    sass (3.1.7)
    sass-rails (3.1.0.rc.5)
      actionpack (~> 3.1.0.rc1)
      railties (~> 3.1.0.rc1)
      sass (>= 3.1.4)
      sprockets (>= 2.0.0.beta.9)
    sprockets (2.0.0.beta.13)
      hike (~> 1.2)
      rack (~> 1.0)
      tilt (!= 1.3.0, ~> 1.1)
    sqlite3 (1.3.4)
    therubyracer-heroku (0.8.1.pre3)
    thor (0.14.6)
    tilt (1.3.2)
    treetop (1.4.10)
      polyglot
      polyglot (>= 0.3.1)
    turn (0.8.2)
      ansi (>= 1.2.2)
    tzinfo (0.3.29)
    uglifier (1.0.0)
      execjs (>= 0.3.0)
      multi_json (>= 1.0.2)

PLATFORMS
  ruby

DEPENDENCIES
  awesome_nested_set
  coffee-script
  compass!
  haml!
  haml-rails
  jquery-rails
  rails (= 3.1.0.rc5)
  rake (= 0.8.7)
  ruby-debug19
  sass-rails (~> 3.1.0.rc)
  sqlite3
  therubyracer-heroku
  turn
  uglifier
